GEM
  remote: http://rubygems.org/
  specs:
    addressable (2.2.5)
    bouncy-castle-java (1.5.0146.1)
    data_mapper (0.9.2)
      dm-aggregates (>= 0.9.2)
      dm-cli (>= 0.9.2)
      dm-core (>= 0.9.2)
      dm-is-tree (>= 0.9.2)
      dm-migrations (>= 0.9.2)
      dm-observer (>= 0.9.2)
      dm-serializer (>= 0.9.2)
      dm-timestamps (>= 0.9.2)
      dm-types (>= 0.9.2)
      dm-validations (>= 0.9.2)
    data_objects (0.10.5)
      addressable (~> 2.1)
    diff-lcs (1.1.2)
    dm-aggregates (1.1.0)
      dm-core (~> 1.1.0)
    dm-cli (1.1.0)
      dm-core (~> 1.1.0)
    dm-core (1.1.0)
      addressable (~> 2.2.4)
    dm-do-adapter (1.1.0)
      data_objects (~> 0.10.2)
      dm-core (~> 1.1.0)
    dm-is-tree (1.1.0)
      dm-core (~> 1.1.0)
    dm-migrations (1.1.0)
      dm-core (~> 1.1.0)
    dm-observer (1.1.0)
      dm-core (~> 1.1.0)
    dm-postgres-adapter (1.1.0)
      dm-do-adapter (~> 1.1.0)
      do_postgres (~> 0.10.2)
    dm-serializer (0.10.0)
    dm-sqlite-adapter (1.1.0)
      dm-do-adapter (~> 1.1.0)
      do_sqlite3 (~> 0.10.2)
    dm-timestamps (1.1.0)
      dm-core (~> 1.1.0)
    dm-types (0.10.0)
    dm-validations (1.1.0)
      dm-core (~> 1.1.0)
    do_jdbc (0.10.5-java)
      data_objects (= 0.10.5)
    do_postgres (0.10.5-java)
      data_objects (= 0.10.5)
      do_jdbc (= 0.10.5)
      jdbc-postgres (>= 8.2)
    do_sqlite3 (0.10.5-java)
      data_objects (= 0.10.5)
      do_jdbc (= 0.10.5)
      jdbc-sqlite3 (>= 3.5.8)
    haml (3.1.1)
    jdbc-postgres (9.0.801)
    jdbc-sqlite3 (3.6.14.2.056-java)
    jruby-openssl (0.7.4)
      bouncy-castle-java
    json (1.5.1-java)
    mime-types (1.16)
    oauth (0.4.4)
    rack (1.2.2)
    rack-flash (0.1.1)
      rack
    rack-test (0.6.0)
      rack (>= 1.0)
    rake (0.8.7)
    rspec (2.5.0)
      rspec-core (~> 2.5.0)
      rspec-expectations (~> 2.5.0)
      rspec-mocks (~> 2.5.0)
    rspec-core (2.5.2)
    rspec-expectations (2.5.0)
      diff-lcs (~> 1.1.2)
    rspec-mocks (2.5.0)
    sass (3.1.1)
    sinatra (1.2.6)
      rack (~> 1.1)
      tilt (>= 1.2.2, < 2.0)
    sinatra-twitter-oauth (0.0.3)
    tilt (1.3)
    tobias-sinatra-url-for (0.2.1)
      sinatra (>= 0.9.1.1)
    torquebox (1.0.0)
      torquebox-base (= 1.0.0)
      torquebox-messaging (= 1.0.0)
      torquebox-naming (= 1.0.0)
      torquebox-rake-support (= 1.0.0)
      torquebox-vfs (= 1.0.0)
      torquebox-web (= 1.0.0)
    torquebox-base (1.0.0-java)
    torquebox-messaging (1.0.0-java)
      torquebox-base (= 1.0.0)
      torquebox-naming (= 1.0.0)
    torquebox-naming (1.0.0-java)
    torquebox-rake-support (1.0.0)
    torquebox-vfs (1.0.0-java)
    torquebox-web (1.0.0-java)
    twitter_oauth (0.4.3)
      json (>= 1.1.9)
      mime-types (>= 1.16)
      oauth (>= 0.4.1)

PLATFORMS
  java

DEPENDENCIES
  data_mapper
  dm-aggregates
  dm-core
  dm-migrations
  dm-postgres-adapter
  dm-sqlite-adapter
  dm-timestamps
  dm-validations
  haml
  jruby-openssl
  rack-flash
  rack-test
  rake
  rspec
  sass
  sinatra (>= 1.0)
  sinatra-twitter-oauth
  tobias-sinatra-url-for
  torquebox
  twitter_oauth
