GEM
  remote: http://rubygems.org/
  specs:
    addressable (2.2.5)
    bcrypt-ruby (2.1.4-java)
    bouncy-castle-java (1.5.0145.2)
    data_mapper (1.1.0)
      dm-aggregates (= 1.1.0)
      dm-constraints (= 1.1.0)
      dm-core (= 1.1.0)
      dm-migrations (= 1.1.0)
      dm-serializer (= 1.1.0)
      dm-timestamps (= 1.1.0)
      dm-transactions (= 1.1.0)
      dm-types (= 1.1.0)
      dm-validations (= 1.1.0)
    data_objects (0.10.3)
      addressable (~> 2.1)
    diff-lcs (1.1.2)
    dm-aggregates (1.1.0)
      dm-core (~> 1.1.0)
    dm-constraints (1.1.0)
      dm-core (~> 1.1.0)
    dm-core (1.1.0)
      addressable (~> 2.2.4)
    dm-do-adapter (1.1.0)
      data_objects (~> 0.10.2)
      dm-core (~> 1.1.0)
    dm-migrations (1.1.0)
      dm-core (~> 1.1.0)
    dm-postgres-adapter (1.1.0)
      dm-do-adapter (~> 1.1.0)
      do_postgres (~> 0.10.2)
    dm-serializer (1.1.0)
      dm-core (~> 1.1.0)
      fastercsv (~> 1.5.4)
      json (~> 1.4.6)
    dm-sqlite-adapter (1.1.0)
      dm-do-adapter (~> 1.1.0)
      do_sqlite3 (~> 0.10.2)
    dm-timestamps (1.1.0)
      dm-core (~> 1.1.0)
    dm-transactions (1.1.0)
      dm-core (~> 1.1.0)
    dm-types (1.1.0)
      bcrypt-ruby (~> 2.1.4)
      dm-core (~> 1.1.0)
      fastercsv (~> 1.5.4)
      json (~> 1.4.6)
      stringex (~> 1.2.0)
      uuidtools (~> 2.1.2)
    dm-validations (1.1.0)
      dm-core (~> 1.1.0)
    do_jdbc (0.10.3-java)
      data_objects (= 0.10.3)
    do_postgres (0.10.3-java)
      data_objects (= 0.10.3)
      do_jdbc (= 0.10.3)
      jdbc-postgres (>= 8.2)
    do_sqlite3 (0.10.3-java)
      data_objects (= 0.10.3)
      do_jdbc (= 0.10.3)
      jdbc-sqlite3 (>= 3.5.8)
    fastercsv (1.5.4)
    haml (3.0.25)
    jdbc-postgres (9.0.801)
    jdbc-sqlite3 (3.6.14.2.056-java)
    jruby-openssl (0.7.3)
      bouncy-castle-java
    json (1.4.6-java)
    mime-types (1.16)
    oauth (0.4.4)
    rack (1.2.2)
    rack-test (0.5.7)
      rack (>= 1.0)
    rake (0.8.7)
    rspec (2.5.0)
      rspec-core (~> 2.5.0)
      rspec-expectations (~> 2.5.0)
      rspec-mocks (~> 2.5.0)
    rspec-core (2.5.1)
    rspec-expectations (2.5.0)
      diff-lcs (~> 1.1.2)
    rspec-mocks (2.5.0)
    sinatra (1.2.3)
      rack (~> 1.1)
      tilt (>= 1.2.2, < 2.0)
    sinatra-twitter-oauth (0.0.3)
    stringex (1.2.1)
    tilt (1.2.2)
    torquebox (1.0.0.CR1)
      torquebox-base (= 1.0.0.CR1)
      torquebox-messaging (= 1.0.0.CR1)
      torquebox-naming (= 1.0.0.CR1)
      torquebox-rake-support (= 1.0.0.CR1)
      torquebox-vfs (= 1.0.0.CR1)
      torquebox-web (= 1.0.0.CR1)
    torquebox-base (1.0.0.CR1-java)
    torquebox-messaging (1.0.0.CR1-java)
      torquebox-base (= 1.0.0.CR1)
      torquebox-naming (= 1.0.0.CR1)
    torquebox-naming (1.0.0.CR1-java)
    torquebox-rake-support (1.0.0.CR1)
    torquebox-vfs (1.0.0.CR1-java)
    torquebox-web (1.0.0.CR1-java)
    twitter_oauth (0.4.3)
      json (>= 1.1.9)
      mime-types (>= 1.16)
      oauth (>= 0.4.1)
    uuidtools (2.1.2)

PLATFORMS
  java

DEPENDENCIES
  data_mapper
  dm-aggregates
  dm-core
  dm-migrations
  dm-postgres-adapter
  dm-sqlite-adapter
  dm-timestamps
  dm-validations
  haml
  jruby-openssl
  rack-test
  rake
  rspec
  sinatra (>= 1.0)
  sinatra-twitter-oauth
  torquebox
  twitter_oauth
